GIT
  remote: git://github.com/halo/leader.git
  revision: e370bb585b2a8f4f7f31ba7f284b529d9b7f5199
  specs:
    leader (0.0.1)

GEM
  remote: http://rubygems.org/
  specs:
    active_support (3.0.0)
      activesupport (= 3.0.0)
    activesupport (3.0.0)
    airbrake (3.1.14)
      builder
      json
    arrayfields (4.9.0)
    better_errors (0.9.0)
      coderay (>= 1.0.0)
      erubis (>= 2.6.6)
    binding_of_caller (0.7.2)
      debug_inspector (>= 0.0.1)
    builder (3.1.3)
    chronic (0.10.1)
    churn (0.0.32)
      chronic (>= 0.2.3)
      hirb
      json_pure
      main
      ruby_parser (~> 3.0)
      sexp_processor (~> 4.1)
    coderay (1.0.7)
    daemons (1.1.9)
    debug_inspector (0.0.2)
    dotenv (0.8.0)
    erubis (2.7.0)
    eventmachine (1.0.0)
    excon (0.16.4)
    fattr (2.2.1)
    fog (1.6.0)
      builder
      excon (~> 0.14)
      formatador (~> 0.2.0)
      mime-types
      multi_json (~> 1.0)
      net-scp (~> 1.0.4)
      net-ssh (>= 2.1.3)
      nokogiri (~> 1.5.0)
      ruby-hmac
    foreman (0.63.0)
      dotenv (>= 0.7)
      thor (>= 0.13.6)
    formatador (0.2.3)
    hirb (0.7.1)
    i18n (0.6.4)
    jruby-pageant (1.1.1)
    json (1.7.5)
    json_pure (1.8.0)
    logstash-event (1.2.02)
    logstash-logger (0.4.0)
      logstash-event (~> 1.2)
    main (5.2.0)
      arrayfields (>= 4.7.4)
      chronic (>= 0.6.2)
      fattr (>= 2.2.0)
      map (>= 5.1.0)
    map (6.5.1)
    metaclass (0.0.1)
    method_source (0.8)
    mime-types (1.19)
    mocha (0.13.1)
      metaclass (~> 0.0.1)
    multi_json (1.3.6)
    net-scp (1.0.4)
      net-ssh (>= 1.99.1)
    net-ssh (2.6.0)
      jruby-pageant (>= 1.1.1)
    nokogiri (1.5.5)
    pry (0.9.10)
      coderay (~> 1.0.5)
      method_source (~> 0.8)
      slop (~> 3.3.1)
    rack (1.5.2)
    rack-protection (1.2.0)
      rack
    rack-ssl-enforcer (0.2.5)
    rack-test (0.6.2)
      rack (>= 1.0)
    rake (0.9.2.2)
    rest-client (1.6.7)
      mime-types (>= 1.16)
    ruby-hmac (0.4.0)
    ruby_parser (3.2.2)
      sexp_processor (~> 4.1)
    sexp_processor (4.3.0)
    shotgun (0.9)
      rack (>= 1.0)
    sinatra (1.3.3)
      rack (~> 1.3, >= 1.3.6)
      rack-protection (~> 1.2)
      tilt (~> 1.3, >= 1.3.3)
    slop (3.3.3)
    systemu (2.5.2)
    thin (1.5.0)
      daemons (>= 1.0.9)
      eventmachine (>= 0.12.6)
      rack (>= 1.0.0)
    thor (0.18.1)
    tilt (1.3.3)

PLATFORMS
  ruby

DEPENDENCIES
  active_support
  airbrake
  better_errors
  binding_of_caller
  churn
  fog
  foreman
  i18n
  json
  leader!
  logstash-logger
  mocha
  pry
  rack-ssl-enforcer
  rack-test
  rake
  rest-client
  shotgun
  sinatra
  systemu
  thin
